GEM
  remote: https://rubygems.org/
  specs:
    CFPropertyList (3.0.7)
      base64
      nkf
      rexml
    atomos (0.1.3)
    base64 (0.2.0)
    claide (1.1.0)
    colored2 (3.1.2)
    nanaimo (0.3.0)
    nkf (0.2.0)
    rexml (3.3.9)
    xcodeproj (1.25.1)
      CFPropertyList (>= 2.3.3, < 4.0)
      atomos (~> 0.1.3)
      claide (>= 1.0.2, < 2.0)
      colored2 (~> 3.1)
      nanaimo (~> 0.3.0)
      rexml (>= 3.3.6, < 4.0)

PLATFORMS
  x86_64-darwin-23

DEPENDENCIES
  xcodeproj

BUNDLED WITH
   2.3.3
